GIT
  remote: https://github.com/jonmorehouse/webstub
  revision: e04341de02dc50e52f9038aa0dbee7f9b40899df
  branch: production
  specs:
    webstub (1.0.1)

PATH
  remote: /Users/jonmorehouse/.public/afmotion
  specs:
    afmotion (2.2.0)
      motion-cocoapods (>= 1.4.1)
      motion-require (>= 0.1)

GEM
  remote: https://rubygems.org/
  specs:
    activesupport (3.2.18)
      i18n (~> 0.6, >= 0.6.4)
      multi_json (~> 1.0)
    bubble-wrap (1.6.0)
      bubble-wrap-http (= 1.6.0)
    bubble-wrap-http (1.6.0)
    claide (0.6.1)
    cocoapods (0.33.1)
      activesupport (>= 3.2.15, < 4)
      claide (~> 0.6.1)
      cocoapods-core (= 0.33.1)
      cocoapods-downloader (~> 0.6.1)
      cocoapods-plugins (~> 0.2.0)
      cocoapods-trunk (~> 0.1.1)
      cocoapods-try (~> 0.3.0)
      colored (~> 1.2)
      escape (~> 0.0.4)
      json_pure (~> 1.8)
      nap (~> 0.7)
      open4 (~> 1.3)
      xcodeproj (~> 0.17.0)
    cocoapods-core (0.33.1)
      activesupport (>= 3.2.15)
      fuzzy_match (~> 2.0.4)
      json_pure (~> 1.8)
      nap (~> 0.5)
    cocoapods-downloader (0.6.1)
    cocoapods-plugins (0.2.0)
      nap
    cocoapods-trunk (0.1.3)
      json_pure (~> 1.8)
      nap (>= 0.6)
      netrc
    cocoapods-try (0.3.0)
    colored (1.2)
    escape (0.0.4)
    fuzzy_match (2.0.4)
    i18n (0.6.9)
    json_pure (1.8.1)
    motion-cocoapods (1.5.0)
      cocoapods (>= 0.32.1)
    motion-require (0.2.0)
    motion-stump (0.3.2)
    multi_json (1.10.1)
    nap (0.8.0)
    netrc (0.7.7)
    open4 (1.3.4)
    rake (10.3.2)
    sugarcube (1.6.3)
    xcodeproj (0.17.0)
      activesupport (~> 3.0)
      colored (~> 1.2)

PLATFORMS
  ruby

DEPENDENCIES
  afmotion!
  bubble-wrap
  bubble-wrap-http
  motion-stump
  rake
  sugarcube
  webstub!
