GIT
  remote: https://github.com/jonmorehouse/webstub
  revision: e04341de02dc50e52f9038aa0dbee7f9b40899df
  branch: production
  specs:
    webstub (1.0.1)

GEM
  remote: https://rubygems.org/
  specs:
    bubble-wrap (1.6.0)
      bubble-wrap-http (= 1.6.0)
    bubble-wrap-http (1.6.0)
    motion-stump (0.3.2)
    rake (10.3.2)
    sugarcube (1.6.3)

PLATFORMS
  ruby

DEPENDENCIES
  bubble-wrap
  bubble-wrap-http
  motion-stump
  rake
  sugarcube
  webstub!
